GEM
  remote: https://rubygems.org/
  specs:
    bson (4.3.0)
    mongo (2.5.1)
      bson (>= 4.3.0, < 5.0.0)
    mustermann (1.0.2)
    nio4r (2.5.8)
    puma (4.3.12)
      nio4r (~> 2.0)
    rack (2.0.4)
    rack-protection (2.0.1)
      rack
    sinatra (2.0.1)
      mustermann (~> 1.0)
      rack (~> 2.0)
      rack-protection (= 2.0.1)
      tilt (~> 2.0)
    sinatra-cross_origin (0.4.0)
    tilt (2.0.8)

PLATFORMS
  ruby

DEPENDENCIES
  mongo (~> 2.5.1)
  puma (~> 4.3.12)
  sinatra (~> 2.0.1)
  sinatra-cross_origin (~> 0.4.0)

RUBY VERSION
   ruby 2.5.0p0

BUNDLED WITH
   1.16.1
